GEM
  remote: https://rubygems.org/
  specs:
    aasm (4.5.1)
    actionmailer (4.2.5)
      actionpack (= 4.2.5)
      actionview (= 4.2.5)
      activejob (= 4.2.5)
      mail (~> 2.5, >= 2.5.4)
      rails-dom-testing (~> 1.0, >= 1.0.5)
    actionpack (4.2.5)
      actionview (= 4.2.5)
      activesupport (= 4.2.5)
      rack (~> 1.6)
      rack-test (~> 0.6.2)
      rails-dom-testing (~> 1.0, >= 1.0.5)
      rails-html-sanitizer (~> 1.0, >= 1.0.2)
    actionview (4.2.5)
      activesupport (= 4.2.5)
      builder (~> 3.1)
      erubis (~> 2.7.0)
      rails-dom-testing (~> 1.0, >= 1.0.5)
      rails-html-sanitizer (~> 1.0, >= 1.0.2)
    activejob (4.2.5)
      activesupport (= 4.2.5)
      globalid (>= 0.3.0)
    activemodel (4.2.5)
      activesupport (= 4.2.5)
      builder (~> 3.1)
    activerecord (4.2.5)
      activemodel (= 4.2.5)
      activesupport (= 4.2.5)
      arel (~> 6.0)
    activesupport (4.2.5)
      i18n (~> 0.7)
      json (~> 1.7, >= 1.7.7)
      minitest (~> 5.1)
      thread_safe (~> 0.3, >= 0.3.4)
      tzinfo (~> 1.1)
    acts_as_list (0.7.2)
      activerecord (>= 3.0)
    addressable (2.4.0)
    annotate (2.7.0)
      activerecord (>= 3.2, < 6.0)
      rake (~> 10.4)
    arel (6.0.3)
    autoprefixer-rails (6.2.3)
      execjs
      json
    awesome_print (1.6.1)
    axiom-types (0.1.1)
      descendants_tracker (~> 0.0.4)
      ice_nine (~> 0.11.0)
      thread_safe (~> 0.3, >= 0.3.1)
    bcrypt (3.1.10)
    better_errors (2.1.1)
      coderay (>= 1.0.0)
      erubis (>= 2.6.6)
      rack (>= 0.9.0)
    binding_of_caller (0.7.3.pre1)
      debug_inspector (>= 0.0.1)
    bootstrap-sass (3.3.6)
      autoprefixer-rails (>= 5.2.1)
      sass (>= 3.3.4)
    bourne (1.6.0)
      mocha (~> 1.1)
    builder (3.2.2)
    bullet (4.14.10)
      activesupport (>= 3.0.0)
      uniform_notifier (~> 1.9.0)
    byebug (8.2.1)
    callsite (0.0.11)
    capybara (2.5.0)
      mime-types (>= 1.16)
      nokogiri (>= 1.3.3)
      rack (>= 1.0.0)
      rack-test (>= 0.5.4)
      xpath (~> 2.0)
    childprocess (0.5.8)
      ffi (~> 1.0, >= 1.0.11)
    choice (0.2.0)
    code_analyzer (0.4.5)
      sexp_processor
    codeclimate-test-reporter (0.4.8)
      simplecov (>= 0.7.1, < 1.0.0)
    coderay (1.1.0)
    coercible (1.0.0)
      descendants_tracker (~> 0.0.1)
    coffee-rails (4.1.1)
      coffee-script (>= 2.2.0)
      railties (>= 4.0.0, < 5.1.x)
    coffee-script (2.4.1)
      coffee-script-source
      execjs
    coffee-script-source (1.10.0)
    colored (1.2)
    concurrent-ruby (1.0.0)
    connection_pool (2.2.0)
    coolline (0.5.0)
      unicode_utils (~> 1.4)
    coveralls (0.8.10)
      json (~> 1.8)
      rest-client (>= 1.6.8, < 2)
      simplecov (~> 0.11.0)
      term-ansicolor (~> 1.3)
      thor (~> 0.19.1)
      tins (~> 1.6.0)
    database_cleaner (1.5.1)
    debug_inspector (0.0.2)
    descendants_tracker (0.0.4)
      thread_safe (~> 0.3, >= 0.3.1)
    devise (3.5.3)
      bcrypt (~> 3.0)
      orm_adapter (~> 0.1)
      railties (>= 3.2.6, < 5)
      responders
      thread_safe (~> 0.1)
      warden (~> 1.2.3)
    diff-lcs (1.2.5)
    diffy (3.1.0)
    docile (1.1.5)
    domain_name (0.5.25)
      unf (>= 0.0.5, < 1.0.0)
    dotenv (2.0.2)
    dotenv-rails (2.0.2)
      dotenv (= 2.0.2)
      railties (~> 4.0)
    email_spec (1.6.0)
      launchy (~> 2.1)
      mail (~> 2.2)
    equalizer (0.0.11)
    erubis (2.7.0)
    exception_notification (4.1.3)
      actionmailer (~> 4.0)
      activesupport (~> 4.0)
    execjs (2.6.0)
    factory_girl (4.5.0)
      activesupport (>= 3.0.0)
    factory_girl_rails (4.5.0)
      factory_girl (~> 4.5.0)
      railties (>= 3.0.0)
    faker (1.6.1)
      i18n (~> 0.5)
    faraday (0.9.2)
      multipart-post (>= 1.2, < 3)
    ffi (1.9.10)
    font-awesome-rails (4.5.0.0)
      railties (>= 3.2, < 5.0)
    gibbon (2.2.1)
      faraday (>= 0.9.1)
      multi_json (>= 1.11.0)
    git-version-bump (0.15.1)
    globalid (0.3.6)
      activesupport (>= 4.1.0)
    grit (2.5.0)
      diff-lcs (~> 1.1)
      mime-types (~> 1.15)
      posix-spawn (~> 0.3.6)
    haml (4.0.7)
      tilt
    haml-rails (0.9.0)
      actionpack (>= 4.0.1)
      activesupport (>= 4.0.1)
      haml (>= 4.0.6, < 5.0)
      html2haml (>= 1.0.1)
      railties (>= 4.0.1)
    hirb (0.7.3)
    html2haml (2.0.0)
      erubis (~> 2.7.0)
      haml (~> 4.0.0)
      nokogiri (~> 1.6.0)
      ruby_parser (~> 3.5)
    http-cookie (1.0.2)
      domain_name (~> 0.5)
    i18n (0.7.0)
    ice_nine (0.11.1)
    jbuilder (2.4.0)
      activesupport (>= 3.0.0, < 5.1)
      multi_json (~> 1.2)
    jquery-datatables-rails (3.3.0)
      actionpack (>= 3.1)
      jquery-rails
      railties (>= 3.1)
      sass-rails
    jquery-rails (4.0.5)
      rails-dom-testing (~> 1.0)
      railties (>= 4.2.0)
      thor (>= 0.14, < 2.0)
    jquery-ui-rails (4.0.3)
      jquery-rails
      railties (>= 3.1.0)
    jquery-ui-sass-rails (4.0.3.0)
      jquery-rails
      jquery-ui-rails (= 4.0.3)
      railties (>= 3.1.0)
    json (1.8.3)
    kaminari (0.16.3)
      actionpack (>= 3.0.0)
      activesupport (>= 3.0.0)
    kronic (1.1.3)
    launchy (2.4.3)
      addressable (~> 2.3)
    loofah (2.0.3)
      nokogiri (>= 1.5.9)
    mail (2.6.3)
      mime-types (>= 1.16, < 3)
    meta_request (0.3.4)
      callsite (~> 0.0, >= 0.0.11)
      rack-contrib (~> 1.1)
      railties (>= 3.0.0, < 5.0.0)
    metaclass (0.0.4)
    method_source (0.8.2)
    mime-types (1.25.1)
    mini_portile2 (2.0.0)
    minitest (5.8.3)
    mocha (1.1.0)
      metaclass (~> 0.0.1)
    monetize (1.1.0)
      money (~> 6.5.0)
    money (6.5.1)
      i18n (>= 0.6.4, <= 0.7.0)
    money-rails (1.4.1)
      activesupport (>= 3.0)
      monetize (~> 1.1.0)
      money (~> 6.5.0)
      railties (>= 3.0)
    multi_json (1.11.2)
    multipart-post (2.0.0)
    netrc (0.11.0)
    newrelic_rpm (3.14.1.311)
    nokogiri (1.6.7.1)
      mini_portile2 (~> 2.0.0.rc2)
    orm_adapter (0.5.0)
    paper_trail (4.0.1)
      activerecord (>= 3.0, < 6.0)
      activesupport (>= 3.0, < 6.0)
      request_store (~> 1.1)
    passenger (5.0.23)
      rack
      rake (>= 0.8.1)
    pg (0.18.4)
    posix-spawn (0.3.11)
    pry (0.10.3)
      coderay (~> 1.1.0)
      method_source (~> 0.8.1)
      slop (~> 3.4)
    pry-byebug (3.3.0)
      byebug (~> 8.0)
      pry (~> 0.10)
    pry-doc (0.8.0)
      pry (~> 0.9)
      yard (~> 0.8)
    pry-git (0.2.3)
      diffy
      grit
      pry (>= 0.9.8)
    pry-rails (0.3.4)
      pry (>= 0.9.10)
    rack (1.6.4)
    rack-contrib (1.4.0)
      git-version-bump (~> 0.15)
      rack (~> 1.4)
    rack-protection (1.5.3)
      rack
    rack-test (0.6.3)
      rack (>= 1.0)
    rails (4.2.5)
      actionmailer (= 4.2.5)
      actionpack (= 4.2.5)
      actionview (= 4.2.5)
      activejob (= 4.2.5)
      activemodel (= 4.2.5)
      activerecord (= 4.2.5)
      activesupport (= 4.2.5)
      bundler (>= 1.3.0, < 2.0)
      railties (= 4.2.5)
      sprockets-rails
    rails-deprecated_sanitizer (1.0.3)
      activesupport (>= 4.2.0.alpha)
    rails-dom-testing (1.0.7)
      activesupport (>= 4.2.0.beta, < 5.0)
      nokogiri (~> 1.6.0)
      rails-deprecated_sanitizer (>= 1.0.1)
    rails-erd (1.4.4)
      activerecord (>= 3.2)
      activesupport (>= 3.2)
      choice (~> 0.2.0)
      ruby-graphviz (~> 1.2)
    rails-html-sanitizer (1.0.2)
      loofah (~> 2.0)
    rails_12factor (0.0.3)
      rails_serve_static_assets
      rails_stdout_logging
    rails_best_practices (1.15.7)
      activesupport
      code_analyzer (>= 0.4.3)
      colored
      erubis
      i18n
      json
      require_all
      ruby-progressbar
    rails_serve_static_assets (0.0.4)
    rails_stdout_logging (0.0.4)
    railties (4.2.5)
      actionpack (= 4.2.5)
      activesupport (= 4.2.5)
      rake (>= 0.8.7)
      thor (>= 0.18.1, < 2.0)
    rake (10.4.2)
    redis (3.2.2)
    request_store (1.2.1)
    require_all (1.3.3)
    responders (2.1.1)
      railties (>= 4.2.0, < 5.1)
    rest-client (1.8.0)
      http-cookie (>= 1.0.2, < 2.0)
      mime-types (>= 1.16, < 3.0)
      netrc (~> 0.7)
    rspec-core (3.4.1)
      rspec-support (~> 3.4.0)
    rspec-expectations (3.4.0)
      diff-lcs (>= 1.2.0, < 2.0)
      rspec-support (~> 3.4.0)
    rspec-mocks (3.4.0)
      diff-lcs (>= 1.2.0, < 2.0)
      rspec-support (~> 3.4.0)
    rspec-rails (3.4.0)
      actionpack (>= 3.0, < 4.3)
      activesupport (>= 3.0, < 4.3)
      railties (>= 3.0, < 4.3)
      rspec-core (~> 3.4.0)
      rspec-expectations (~> 3.4.0)
      rspec-mocks (~> 3.4.0)
      rspec-support (~> 3.4.0)
    rspec-support (3.4.1)
    ruby-graphviz (1.2.2)
    ruby-progressbar (1.7.5)
    ruby_parser (3.7.2)
      sexp_processor (~> 4.1)
    rubyzip (1.1.7)
    sass (3.4.20)
    sass-rails (5.0.4)
      railties (>= 4.0.0, < 5.0)
      sass (~> 3.1)
      sprockets (>= 2.8, < 4.0)
      sprockets-rails (>= 2.0, < 4.0)
      tilt (>= 1.1, < 3)
    select2-rails (4.0.0)
      thor (~> 0.14)
    selenium-webdriver (2.48.1)
      childprocess (~> 0.5)
      multi_json (~> 1.0)
      rubyzip (~> 1.0)
      websocket (~> 1.0)
    sentry-raven (0.15.2)
      faraday (>= 0.7.6)
    sexp_processor (4.6.0)
    shoulda-matchers (3.0.1)
      activesupport (>= 4.0.0)
    sidekiq (4.0.1)
      concurrent-ruby (~> 1.0)
      connection_pool (~> 2.2, >= 2.2.0)
      json (~> 1.0)
      redis (~> 3.2, >= 3.2.1)
    simple_form (3.2.1)
      actionpack (> 4, < 5.1)
      activemodel (> 4, < 5.1)
    simplecov (0.11.1)
      docile (~> 1.1.0)
      json (~> 1.8)
      simplecov-html (~> 0.10.0)
    simplecov-html (0.10.0)
    sinatra (1.4.6)
      rack (~> 1.4)
      rack-protection (~> 1.4)
      tilt (>= 1.3, < 3)
    slim (3.0.6)
      temple (~> 0.7.3)
      tilt (>= 1.3.3, < 2.1)
    slop (3.6.0)
    spring (1.6.1)
    spring-commands-rspec (1.0.4)
      spring (>= 0.9.1)
    sprockets (3.5.2)
      concurrent-ruby (~> 1.0)
      rack (> 1, < 3)
    sprockets-rails (3.0.0)
      actionpack (>= 4.0)
      activesupport (>= 4.0)
      sprockets (>= 3.0.0)
    stripe (1.31.0)
      json (~> 1.8.1)
      rest-client (~> 1.4)
    stripe_event (1.5.0)
      activesupport (>= 3.1)
      stripe (~> 1.6)
    temple (0.7.6)
    term-ansicolor (1.3.2)
      tins (~> 1.0)
    thor (0.19.1)
    thread_safe (0.3.5)
    tilt (2.0.1)
    timecop (0.8.0)
    tins (1.6.0)
    tzinfo (1.2.2)
      thread_safe (~> 0.1)
    uglifier (2.7.2)
      execjs (>= 0.3.0)
      json (>= 1.8.0)
    unf (0.1.4)
      unf_ext
    unf_ext (0.0.7.1)
    unicode_utils (1.4.0)
    uniform_notifier (1.9.0)
    virtus (1.0.5)
      axiom-types (~> 0.1)
      coercible (~> 1.0)
      descendants_tracker (~> 0.0, >= 0.0.3)
      equalizer (~> 0.0, >= 0.0.9)
    warden (1.2.4)
      rack (>= 1.0)
    web-console (3.0.0)
      activemodel (>= 4.2)
      debug_inspector
      railties (>= 4.2)
    websocket (1.2.2)
    xpath (2.0.0)
      nokogiri (~> 1.3)
    yard (0.8.7.6)

PLATFORMS
  ruby

DEPENDENCIES
  aasm
  acts_as_list (~> 0.7.2)
  annotate
  autoprefixer-rails
  awesome_print
  better_errors
  binding_of_caller (~> 0.7.3.pre1)
  bootstrap-sass (~> 3.3.6)
  bourne
  bullet
  byebug
  capybara
  codeclimate-test-reporter
  coffee-rails (~> 4.1.0)
  coolline
  coveralls
  database_cleaner
  devise (~> 3.5.3)
  dotenv-rails
  email_spec
  exception_notification
  factory_girl_rails
  faker (~> 1.6.1)
  font-awesome-rails (~> 4.5.0.0)
  gibbon (~> 2.2.1)
  haml-rails
  hirb
  jbuilder (~> 2.2)
  jquery-datatables-rails (~> 3.3.0)
  jquery-rails (~> 4.0.3)
  jquery-ui-sass-rails
  kaminari (~> 0.16.1)
  kronic (~> 1.1.3)
  launchy
  meta_request
  money-rails (~> 1.4.1)
  newrelic_rpm
  paper_trail (~> 4.0.1)
  passenger
  pg
  pry-byebug
  pry-doc
  pry-git
  pry-rails
  rails (= 4.2.5)
  rails-erd
  rails_12factor
  rails_best_practices
  rails_stdout_logging
  rspec-rails (~> 3.4.0)
  sass-rails (~> 5.0.0)
  select2-rails (~> 4.0.0)
  selenium-webdriver
  sentry-raven
  shoulda-matchers
  sidekiq (~> 4.0.1)
  simple_form (~> 3.2.1)
  simplecov
  sinatra
  slim
  spring
  spring-commands-rspec
  stripe (~> 1.31.0)
  stripe_event (~> 1.5.0)
  timecop
  uglifier (~> 2.7.2)
  virtus (~> 1.0.3)
  web-console (~> 3.0.0)

BUNDLED WITH
   1.11.2
